GEM
  remote: https://rubygems.org/
  specs:
    rainbow (3.0.0)
    tty-font (0.5.0)

PLATFORMS
  ruby

DEPENDENCIES
  rainbow
  tty-font

BUNDLED WITH
   2.1.2
